GEM
  remote: https://rubygems.org/
  specs:
    addressable (2.8.0)
    colorator (1.1.0)
    concurrent-ruby (1.1.9)
    i18n (1.14.2)
    jekyll (4.3.2)
      addressable
      colorator
      concurrent-ruby
      i18n
      jekyll-sass-converter (~> 2.0)
      jekyll-watch (~> 2.2)
      liquid (~> 4.0)
      mercenary (~> 0.3.6)
      rouge
      safe_yaml (~> 1.0)
    jekyll-gist (1.5.0)
      jekyll >= 3.0.0
      octokit (~> 4.20)
    jekyll-include-cache (0.1.0)
      jekyll (~> 3.0)
    jekyll-lunr-js-search (2.3.0)
      jekyll (~> 3.0)
      lunr (~> 2.3.9)
    jekyll-paginate-v2 (1.5.0)
      jekyll (~> 4.0)
      jekyll-feed
      jekyll-sitemap
    jekyll-sass-converter (2.1.0)
      sassc (~> 2.0)
    jekyll-sitemap (1.4.0)
      jekyll (~> 3.0)
    jekyll-watch (2.2.1)
      listen (~> 3.0)
      mercenary (~> 0.3.6)
    liquid (4.0.3)
    lunr (2.3.9)
    mercenary (0.3.6)
    octokit (4.20.0)
      sawyer (~> 0.8.0)
      addressable (~> 2.3)
    parsley (1.0.0)
    parallel (1.20.1)
    parallel_tests (3.21.0)
      parallel (~> 3.1)
    parser (3.1.2.0)
    power_assert (1.1.1)
      parser (>= 2.3.1.0, < 4.0)
    rake (13.0.6)
    safe_yaml (1.1.0)
    sassc (2.4.0)
      ffi (~> 1.0)
    sawyer (0.8.2)
      addressable (~> 2.3)
    sassc-rails (2.1.2)
      sassc (~> 2.0)
    sidekiq (6.5.7)
      concurrent-ruby (~> 1.0)
      i18n (~> 1.6)
      connection_pool (~> 2.2)
    tzinfo-data (1.2023.0)
    wdm (0.1.0)

DEPENDENCIES:
  github-pages (~> 231)
  jekyll-gist (~> 1.5)
  jekyll-include-cache (~> 0.1.0)
  jekyll-lunr-js-search (~> 2.3)
  jekyll-paginate-v2 (~> 1.5)
  jekyll-sitemap (~> 1.4)
  jekyll-watch (~> 2.2)
  sassc-rails (~> 2.1)

BUNDLED WITH:
   2.4.11

